GEM
  remote: http://rubygems.org/
  specs:
    Ascii85 (1.0.0)
    diff-lcs (1.1.2)
    extlib (0.9.15)
    json_pure (1.5.1)
    pdf-reader (0.9.1)
      Ascii85 (>= 0.9)
    polyglot (0.3.1)
    prawn (0.11.1)
      pdf-reader (>= 0.9.0)
      ttfunk (~> 1.0.0)
    rake (0.8.7)
    rspec (2.5.0)
      rspec-core (~> 2.5.0)
      rspec-expectations (~> 2.5.0)
      rspec-mocks (~> 2.5.0)
    rspec-core (2.5.1)
    rspec-expectations (2.5.0)
      diff-lcs (~> 1.1.2)
    rspec-mocks (2.5.0)
    treetop (1.4.9)
      polyglot (>= 0.3.1)
    ttfunk (1.0.1)
    uuidtools (2.1.2)

PLATFORMS
  ruby

DEPENDENCIES
  extlib
  json_pure
  prawn
  rake
  rspec
  treetop
  uuidtools
